GEM
  remote: https://rubygems.org/
  remote: http://rails-assets.org/
  specs:
    capistrano (3.1.0)
      i18n
      rake (>= 10.0.0)
      sshkit (~> 1.3)
    capistrano-bundler (1.2.0)
      capistrano (~> 3.1)
      sshkit (~> 1.2)
    capistrano-rails (1.2.2)
      capistrano (~> 3.1)
      capistrano-bundler (~> 1.1)
    capistrano-rvm (0.1.2)
      capistrano (~> 3.0)
      sshkit (~> 1.2)
    capistrano-team_notifications (3.0.0)
      capistrano (~> 3.0)
    capistrano3-delayed-job (1.7.2)
      capistrano (~> 3.0, >= 3.0.0)
    capistrano3-unicorn (0.2.1)
      capistrano (~> 3.1, >= 3.1.0)
    i18n (0.7.0)
    net-scp (1.2.1)
      net-ssh (>= 2.6.5)
    net-ssh (2.8.0)
    rake (12.0.0)
    sshkit (1.3.0)
      net-scp (>= 1.1.2)
      net-ssh
      term-ansicolor
    term-ansicolor (1.4.0)
      tins (~> 1.0)
    tins (1.13.0)

PLATFORMS
  ruby

DEPENDENCIES
  capistrano (= 3.1.0)
  capistrano-bundler
  capistrano-rails
  capistrano-rvm
  capistrano-team_notifications
  capistrano3-delayed-job
  capistrano3-unicorn
  net-ssh (= 2.8.0)
  sshkit (= 1.3.0)

RUBY VERSION
   ruby 2.2.3p173

BUNDLED WITH
   1.14.2
